GEM
  remote: http://rubygems.org/
  specs:
    coderay (1.0.8)
    diff-lcs (1.1.3)
    escape_utils (0.2.4)
    foreman (0.60.2)
      thor (>= 0.13.6)
    github-markdown (0.5.1)
    github-markup (0.7.4)
    gollum (2.2.9)
      escape_utils (= 0.2.4)
      github-markdown (~> 0.5.1)
      github-markup (>= 0.7.4, < 1.0.0)
      grit (~> 2.5.0)
      mustache (>= 0.99.4, < 1.0.0)
      nokogiri (~> 1.5.5)
      pygments.rb (~> 0.3.1)
      sanitize (~> 2.0.3)
      sinatra (~> 1.3.3)
      stringex (~> 1.4.0)
      useragent (~> 0.4.10)
    grit (2.5.0)
      diff-lcs (~> 1.1)
      mime-types (~> 1.15)
      posix-spawn (~> 0.3.6)
    method_source (0.8.1)
    mime-types (1.19)
    mustache (0.99.4)
    nokogiri (1.5.5)
    posix-spawn (0.3.6)
    pry (0.9.10)
      coderay (~> 1.0.5)
      method_source (~> 0.8)
      slop (~> 3.3.1)
    pygments.rb (0.3.2)
      posix-spawn (~> 0.3.6)
      yajl-ruby (~> 1.1.0)
    rack (1.4.1)
    rack-protection (1.2.0)
      rack
    sanitize (2.0.3)
      nokogiri (>= 1.4.4, < 1.6)
    sinatra (1.3.3)
      rack (~> 1.3, >= 1.3.6)
      rack-protection (~> 1.2)
      tilt (~> 1.3, >= 1.3.3)
    slop (3.3.3)
    stringex (1.4.0)
    thor (0.16.0)
    tilt (1.3.3)
    useragent (0.4.12)
    yajl-ruby (1.1.0)

PLATFORMS
  ruby

DEPENDENCIES
  foreman (= 0.60.2)
  gollum (= 2.2.9)
  pry
  rack (= 1.4.1)
  sinatra (= 1.3.3)
